GEM
  remote: https://rubygems.org/
  specs:
    sass (3.4.22)

PLATFORMS
  ruby

DEPENDENCIES
  sass

RUBY VERSION
   ruby 2.7.4p191

BUNDLED WITH
   1.17.3
