GEM
  remote: https://rubygems.org/
  specs:
    bourbon (1.4.0)
      sass (>= 3.1)
    rack (1.5.2)
    rack-protection (1.5.1)
      rack
    sass (3.2.3)
    sinatra (1.3.6)
      rack (~> 1.4)
      rack-protection (~> 1.3)
      tilt (~> 1.3, >= 1.3.3)
    tilt (1.4.1)

PLATFORMS
  ruby

DEPENDENCIES
  bourbon (~> 1.2)
  sass (~> 3.1)
  sinatra (~> 1.3.1)
