GEM
  remote: https://rubygems.org/
  specs:
    sass (3.2.3)

PLATFORMS
  ruby

DEPENDENCIES
  sass (~> 3.1)

BUNDLED WITH
   1.10.6
