GEM
  remote: http://rubygems.org/
  specs:
    bourbon (1.2.0)
      sass (>= 3.1)
    rack (1.3.5)
    rack-protection (1.1.4)
      rack
    sass (3.1.10)
    sinatra (1.3.1)
      rack (>= 1.3.4, ~> 1.3)
      rack-protection (>= 1.1.2, ~> 1.1)
      tilt (>= 1.3.3, ~> 1.3)
    tilt (1.3.3)

PLATFORMS
  ruby

DEPENDENCIES
  bourbon (~> 1.2)
  sass (~> 3.1)
  sinatra (~> 1.3.1)
