GEM
  remote: https://rubygems.org/
  specs:
    bourbon (1.4.0)
      sass (>= 3.1)
    sass (3.2.3)

PLATFORMS
  ruby

DEPENDENCIES
  bourbon (~> 1.2)
  sass (~> 3.1)

BUNDLED WITH
   1.10.6
